GEM
  remote: https://rubygems.org/
  specs:
    aws-sdk (2.2.26)
      aws-sdk-resources (= 2.2.26)
    aws-sdk-core (2.2.26)
      jmespath (~> 1.0)
    aws-sdk-resources (2.2.26)
      aws-sdk-core (= 2.2.26)
    docker-api (1.26.2)
      excon (>= 0.38.0)
      json
    excon (0.48.0)
    jmespath (1.1.3)
    json (1.8.3)

PLATFORMS
  ruby

DEPENDENCIES
  aws-sdk (~> 2)
  docker-api

BUNDLED WITH
   1.11.2
